GEM
  remote: http://rubygems.org/
  specs:
    RedCloth (4.2.7)
    chunky_png (1.2.0)
    compass (0.11.5)
      chunky_png (~> 1.2)
      fssm (>= 0.2.7)
      sass (~> 3.1)
    fssm (0.2.7)
    haml (3.1.2)
    rack (1.3.2)
    rake (0.9.2)
    sass (3.1.5)
    staticmatic (0.11.1)
      compass (>= 0.10.0)
      haml (>= 2.0.0)
      rack (>= 1.0)

PLATFORMS
  ruby

DEPENDENCIES
  RedCloth
  compass (= 0.11.5)
  haml
  rake
  sass (= 3.1.5)
  staticmatic (= 0.11.1)
